GEM
  remote: https://rubygems.org/
  specs:
    macinbox (3.3.0)

PLATFORMS
  ruby

DEPENDENCIES
  macinbox

BUNDLED WITH
   2.0.2
